FRAMEWORK: NET45
NUGET
  remote: https://www.nuget.org/api/v2
    Argu (3.7)
    FAKE (4.48)
    FSharp.Core (4.0.0.1)
    MetadataExtractor (1.5.3)
      SharpZipLib (>= 0.86)
      XmpCore (>= 1.2.2)
    Nustache (1.16.0.4)
    SharpZipLib (0.86)
    XmpCore (2.0)

GROUP Dev
NUGET
  remote: https://www.nuget.org/api/v2
    ilmerge (2.14.1208)
